STORAGE: NONE
RESTRICTION: == netstandard2.1
NUGET
  remote: https://api.nuget.org/v3/index.json
    Fable.Browser.Blob (1.1)
      Fable.Core (>= 3.0)
      FSharp.Core (>= 4.6.2)
    Fable.Browser.Dom (1.1)
      Fable.Browser.Blob (>= 1.1)
      Fable.Browser.Event (>= 1.0)
      Fable.Browser.WebStorage (>= 1.0)
      Fable.Core (>= 3.0)
      FSharp.Core (>= 4.6.2)
    Fable.Browser.Event (1.0)
      Fable.Core (>= 3.0)
      FSharp.Core (>= 4.5.2)
    Fable.Browser.WebStorage (1.0)
      Fable.Browser.Event (>= 1.0)
      Fable.Core (>= 3.0)
      FSharp.Core (>= 4.5.2)
    Fable.Browser.XMLHttpRequest (1.1)
      Fable.Browser.Blob (>= 1.1)
      Fable.Browser.Event (>= 1.0)
      Fable.Core (>= 3.0)
      FSharp.Core (>= 4.6.2)
    Fable.Core (3.1.5)
      FSharp.Core (>= 4.7)
    Fable.Elmish (3.0.6)
      Fable.Core (>= 3.0)
      FSharp.Core (>= 4.6.2)
    Fable.Elmish.React (3.0.1)
      Fable.Core (>= 3.0)
      Fable.Elmish (>= 3.0)
      Fable.React (>= 5.1)
      FSharp.Core (>= 4.6.2)
    Fable.React (5.3.6)
      Fable.Browser.Dom (>= 1.0)
      Fable.Core (>= 3.0)
      FSharp.Core (>= 4.7)
    Fable.SimpleHttp (3.0)
      Fable.Browser.Dom (>= 1.0)
      Fable.Browser.XMLHttpRequest (>= 1.1)
      Fable.Core (>= 3.0)
      FSharp.Core (>= 4.6.2)
    Feliz (0.68.10)
      Fable.Core (>= 3.1.3)
      Fable.React (>= 5.3.2)
      FSharp.Core (>= 4.7)
    Feliz.ElmishComponents (0.2.22)
      Fable.Elmish (>= 3.0.6)
      Feliz (>= 0.68.10)
      FSharp.Core (>= 4.7)
    Feliz.Markdown (0.1.10)
      Feliz (>= 0.68.9)
      FSharp.Core (>= 4.7)
    Feliz.Router (1.8.1)
      Fable.Core (>= 3.1.2)
      Fable.Elmish (>= 3.0.5)
      Feliz (>= 0.68.3)
      FSharp.Core (>= 4.7)
    FSharp.Core (4.7)
    Thoth.Json (3.5)
      Fable.Core (>= 3.1.4)
      FSharp.Core (>= 4.7)
